GIT
  remote: https://github.com/yeco/toto.git
  revision: c8622d556b9d262d0005b9cf12b5a10194827c54
  specs:
    toto (0.4.9)
      builder
      rack
      rdiscount

GEM
  remote: http://rubygems.org/
  specs:
    builder (3.0.0)
    coderay (0.9.8)
    nokogiri (1.4.4)
    rack (1.3.5)
    rack-codehighlighter (0.4.7)
      nokogiri (>= 1.4.1)
      rack (>= 1.0.0)
    rack-rewrite (1.0.2)
    rdiscount (1.6.8)

PLATFORMS
  ruby

DEPENDENCIES
  builder
  coderay
  rack-codehighlighter
  rack-rewrite
  rdiscount
  toto!
